GEM
  remote: https://rubygems.org/
  specs:
    concurrent-ruby (1.3.4)
    cpf_utils (1.3.1)
    faker (3.5.1)
      i18n (>= 1.8.11, < 2)
    i18n (1.14.6)
      concurrent-ruby (~> 1.0)
    lerolero_generator (1.0.1)

PLATFORMS
  ruby
  x86_64-linux

DEPENDENCIES
  cpf_utils
  faker
  lerolero_generator

BUNDLED WITH
   2.5.23
